GEM
  remote: https://rubygems.org/
  specs:
    gosu (0.15.2-x64-mingw32)

PLATFORMS
  x64-mingw32

DEPENDENCIES
  gosu (~> 0.15.2)

BUNDLED WITH
   2.1.4
